PATH
  remote: .
  specs:
    org2daily (0.0.1)
      org-ruby (~> 0.5.3)

GEM
  remote: http://rubygems.org/
  specs:
    minitest (2.6.2)
    org-ruby (0.5.3)
      rubypants (>= 0.2.0)
    rake (12.3.3)
    rubypants (0.2.0)

PLATFORMS
  ruby

DEPENDENCIES
  bundler
  minitest (~> 2.0)
  org2daily!
  rake
